GIT
  remote: git://github.com/rest-client/rest-client.git
  revision: f36246ae2c3463ca4ebdd70dccf45b112a3ffe0f
  specs:
    rest-client (1.7.0.alpha)
      mime-types (>= 1.16)
      netrc (~> 0.7.7)

GEM
  remote: https://rubygems.org/
  specs:
    mime-types (1.23)
    netrc (0.7.7)

PLATFORMS
  ruby

DEPENDENCIES
  rest-client!
