PATH
  remote: ../
  specs:
    crowdin-api (0.0.9)
      rest-client

GEM
  remote: http://rubygems.org/
  specs:
    mime-types (1.19)
    rest-client (1.6.7)
      mime-types (>= 1.16)

PLATFORMS
  java
  ruby

DEPENDENCIES
  crowdin-api!
